GIT
  remote: git://github.com/arika/ruby-termios.git
  revision: 94fd9ac70b57d114a7b55f8621d523c145b4c080
  specs:
    ruby-termios (0.9.6)

PATH
  remote: .
  specs:
    unroller (1.0.1)
      colored
      facets (= 2.5.0)
      quality_extensions (= 1.1.2)

GEM
  remote: http://rubygems.org/
  specs:
    colored (1.2)
    facets (2.5.0)
    quality_extensions (1.1.2)

PLATFORMS
  ruby

DEPENDENCIES
  ruby-termios!
  unroller!
